GEM
  remote: https://rubygems.org/
  specs:
    dotenv (3.1.2)
    pg (1.5.6)
    webrick (1.8.1)

PLATFORMS
  arm64-darwin-23

DEPENDENCIES
  dotenv
  pg
  webrick

BUNDLED WITH
   2.5.11
